PATH
  remote: .
  specs:
    berth (0.1.0)

GEM
  remote: https://rubygems.org/
  specs:
    childprocess (0.5.9)
      ffi (~> 1.0, >= 1.0.11)
    coderay (1.1.1)
    diff-lcs (1.2.5)
    ffi (1.9.14)
    highline (1.7.8)
    libdir (1.3.1)
    method_source (0.8.2)
    pdf-core (0.6.1)
    prawn (2.1.0)
      pdf-core (~> 0.6.1)
      ttfunk (~> 1.4.0)
    prawn-table (0.2.2)
      prawn (>= 1.3.0, < 3.0.0)
    pry (0.10.4)
      coderay (~> 1.1.0)
      method_source (~> 0.8.1)
      slop (~> 3.4)
    pry-doc (0.9.0)
      pry (~> 0.9)
      yard (~> 0.8)
    rake (11.2.2)
    rspec (3.5.0)
      rspec-core (~> 3.5.0)
      rspec-expectations (~> 3.5.0)
      rspec-mocks (~> 3.5.0)
    rspec-core (3.5.2)
      rspec-support (~> 3.5.0)
    rspec-expectations (3.5.0)
      diff-lcs (>= 1.2.0, < 2.0)
      rspec-support (~> 3.5.0)
    rspec-mocks (3.5.0)
      diff-lcs (>= 1.2.0, < 2.0)
      rspec-support (~> 3.5.0)
    rspec-support (3.5.0)
    rubyzip (1.2.0)
    selenium-webdriver (2.53.4)
      childprocess (~> 0.5)
      rubyzip (~> 1.0)
      websocket (~> 1.0)
    slop (3.6.0)
    ttfunk (1.4.0)
    watir-webdriver (0.9.3)
      selenium-webdriver (>= 2.46.2)
    websocket (1.2.3)
    yard (0.9.5)

PLATFORMS
  ruby

DEPENDENCIES
  berth!
  highline
  libdir
  prawn (~> 2.0)
  prawn-table
  pry
  pry-doc
  rake
  rspec
  watir-webdriver

BUNDLED WITH
   1.12.3
